GEM
  remote: https://rubygems.org/
  specs:
    net-telnet (0.2.0)
    optimist (3.0.1)

PLATFORMS
  arm64-darwin-22

DEPENDENCIES
  net-telnet
  optimist (>= 3.0.0)

BUNDLED WITH
   2.4.6
